GEM
  remote: http://rubygems.org/
  specs:
    chunky_png (1.2.5)
    coderay (0.9.8)
    compass (0.12.2)
      chunky_png (~> 1.2)
      fssm (>= 0.2.7)
      sass (~> 3.1)
    directory_watcher (1.4.1)
    erubis (2.7.0)
    foreman (0.53.0)
      thor (>= 0.13.6)
    fssm (0.2.9)
    htmlentities (4.3.1)
    method_source (0.6.7)
      ruby_parser (>= 2.3.1)
    pry (0.9.7.4)
      coderay (~> 0.9.8)
      method_source (~> 0.6.7)
      ruby_parser (>= 2.3.1)
      slop (~> 2.1.0)
    pry-nav (0.0.4)
      pry (~> 0.9.7.4)
    redis (2.2.2)
    ruby_parser (2.3.1)
      sexp_processor (~> 3.0)
    sass (3.2.0.alpha.237)
    sexp_processor (3.2.0)
    slop (2.1.0)
    stasis (0.1.23)
      directory_watcher (~> 1.4.1)
      redis (~> 2.2.2)
      slop (~> 2.1.0)
      tilt (~> 1.3.3)
      yajl-ruby (~> 1.0.0)
    thor (0.15.4)
    tilt (1.3.3)
    yajl-ruby (1.0.0)

PLATFORMS
  ruby

DEPENDENCIES
  compass (~> 0.12.1)
  erubis
  foreman
  htmlentities (~> 4.3.1)
  pry
  pry-nav
  sass (= 3.2.0.alpha.237)
  stasis
